GEM
  remote: http://rubygems.org/
  specs:
    chunky_png (1.3.0)
    coffee-script (2.2.0)
      coffee-script-source
      execjs
    coffee-script-source (1.7.0)
    compass (0.12.4)
      chunky_png (~> 1.2)
      fssm (>= 0.2.7)
      sass (~> 3.2.17)
    execjs (2.0.2)
    fssm (0.2.10)
    haml (4.0.5)
      tilt
    rack (1.5.2)
    rack-protection (1.5.2)
      rack
    sass (3.2.18)
    sinatra (1.4.4)
      rack (~> 1.4)
      rack-protection (~> 1.4)
      tilt (~> 1.3, >= 1.3.4)
    tilt (1.4.1)

PLATFORMS
  ruby

DEPENDENCIES
  coffee-script
  compass
  haml
  sinatra
